PATH
  remote: .
  specs:
    informed (1.1.1)

GEM
  remote: https://rubygems.org/
  specs:
    minitest (5.14.0)
    minitest-documentation (1.0.0)
      minitest (~> 5.2)
    rake (13.0.1)
    yard (0.9.36)

PLATFORMS
  ruby

DEPENDENCIES
  bundler (~> 1.14)
  informed!
  minitest (~> 5.0)
  minitest-documentation (~> 1.0)
  rake (~> 13.0)
  yard (~> 0.9)

BUNDLED WITH
   1.17.2
